GEM
  remote: https://rubygems.org/
  specs:
    activemodel (5.0.1)
      activesupport (= 5.0.1)
    activerecord (5.0.1)
      activemodel (= 5.0.1)
      activesupport (= 5.0.1)
      arel (~> 7.0)
    activesupport (5.0.1)
      concurrent-ruby (~> 1.0, >= 1.0.2)
      i18n (~> 0.7)
      minitest (~> 5.1)
      tzinfo (~> 1.1)
    addressable (2.5.0)
      public_suffix (~> 2.0, >= 2.0.2)
    arel (7.1.4)
    backports (3.6.8)
    capybara (2.11.0)
      addressable
      mime-types (>= 1.16)
      nokogiri (>= 1.3.3)
      rack (>= 1.0.0)
      rack-test (>= 0.5.4)
      xpath (~> 2.0)
    coderay (1.1.1)
    concurrent-ruby (1.0.3)
    diff-lcs (1.2.5)
    dotenv (2.1.1)
    httparty (0.14.0)
      multi_xml (>= 0.5.2)
    i18n (0.7.0)
    method_source (0.8.2)
    mime-types (3.1)
      mime-types-data (~> 3.2015)
    mime-types-data (3.2016.0521)
    mini_portile2 (2.1.0)
    minitest (5.10.1)
    multi_json (1.12.1)
    multi_xml (0.6.0)
    nokogiri (1.6.8.1)
      mini_portile2 (~> 2.1.0)
    pg (0.19.0)
    pry (0.10.4)
      coderay (~> 1.1.0)
      method_source (~> 0.8.1)
      slop (~> 3.4)
    public_suffix (2.0.4)
    rack (1.6.5)
    rack-protection (1.5.3)
      rack
    rack-test (0.6.3)
      rack (>= 1.0)
    rake (12.0.0)
    rspec (3.5.0)
      rspec-core (~> 3.5.0)
      rspec-expectations (~> 3.5.0)
      rspec-mocks (~> 3.5.0)
    rspec-core (3.5.4)
      rspec-support (~> 3.5.0)
    rspec-expectations (3.5.0)
      diff-lcs (>= 1.2.0, < 2.0)
      rspec-support (~> 3.5.0)
    rspec-mocks (3.5.0)
      diff-lcs (>= 1.2.0, < 2.0)
      rspec-support (~> 3.5.0)
    rspec-support (3.5.0)
    shoulda-matchers (2.8.0)
      activesupport (>= 3.0.0)
    sinatra (1.4.7)
      rack (~> 1.5)
      rack-protection (~> 1.4)
      tilt (>= 1.3, < 3)
    sinatra-activerecord (2.0.11)
      activerecord (>= 3.2)
      sinatra (~> 1.0)
    sinatra-contrib (1.4.7)
      backports (>= 2.0)
      multi_json
      rack-protection
      rack-test
      sinatra (~> 1.4.0)
      tilt (>= 1.3, < 3)
    slop (3.6.0)
    thread_safe (0.3.5)
    tilt (2.0.5)
    tzinfo (1.2.2)
      thread_safe (~> 0.1)
    xpath (2.0.0)
      nokogiri (~> 1.3)

PLATFORMS
  ruby

DEPENDENCIES
  capybara
  dotenv
  httparty
  pg
  pry
  rake
  rspec
  shoulda-matchers (~> 2.0)
  sinatra
  sinatra-activerecord
  sinatra-contrib

BUNDLED WITH
   1.13.6
